GIT
  remote: git://github.com/trabian/guard-coffeescript.git
  revision: accf25b5f1c50dd61716f729739d1096c75abc42
  specs:
    guard-coffeescript (0.1.3)
      guard (~> 0.2.2)

GEM
  remote: http://rubygems.org/
  specs:
    activemodel (3.0.1)
      activesupport (= 3.0.1)
      builder (~> 2.1.2)
      i18n (~> 0.4.1)
    activesupport (3.0.1)
    addressable (2.2.2)
    bson (1.0.4)
    bson_ext (1.0.4)
    builder (2.1.2)
    cgi_multipart_eof_fix (2.5.0)
    compass (0.10.6)
      haml (>= 3.0.4)
    configuration (1.1.0)
    daemons (1.0.10)
    em-websocket (0.1.4)
      addressable (>= 2.1.1)
      eventmachine (>= 0.12.9)
    eventmachine (0.12.10)
    fastercsv (1.4.0)
    fastthread (1.0.1)
    gem_plugin (0.2.3)
    growl (1.0.3)
    guard (0.2.2)
      open_gem (~> 1.4.2)
      thor (~> 0.14.3)
    guard-compass (0.0.6)
      compass (>= 0.10.5)
      guard (>= 0.2.1)
    guard-livereload (0.1.2)
      em-websocket (~> 0.1.3)
      guard
      json (~> 1.4.6)
    guard-shell (0.1.1)
      guard (>= 0.2.0)
    haml (3.0.6)
    i18n (0.4.2)
    jasmine (1.0.1)
      json_pure (>= 1.4.3)
      rack (>= 1.0.0)
      rake (>= 0.8.7)
      rspec (>= 1.1.5)
      selenium-client (>= 1.2.17)
      selenium-rc (>= 2.1.0)
    json (1.4.6)
    json_pure (1.4.6)
    launchy (0.3.7)
      configuration (>= 0.0.5)
      rake (>= 0.8.1)
    mongo (1.0.7)
      bson (>= 1.0.4)
    mongoid (2.0.0.beta.17)
      activemodel (~> 3.0.0)
      bson (= 1.0.4)
      mongo (= 1.0.7)
      tzinfo (~> 0.3.22)
      will_paginate (~> 3.0.pre)
    mongrel (1.1.5)
      cgi_multipart_eof_fix (>= 2.4)
      daemons (>= 1.0.3)
      fastthread (>= 1.0.1)
      gem_plugin (>= 0.2.3)
    open_gem (1.4.2)
      launchy (~> 0.3.5)
    rack (1.2.1)
    rack-coffee (0.3.2)
      rack
    rake (0.8.7)
    rb-fsevent (0.3.6)
    rspec (1.2.8)
    selenium-client (1.2.18)
    selenium-rc (2.2.4)
      selenium-client (>= 1.2.18)
    sinatra (1.1.0)
      rack (~> 1.1)
      tilt (~> 1.1)
    thor (0.14.3)
    tilt (1.1)
    tzinfo (0.3.23)
    will_paginate (3.0.pre2)

PLATFORMS
  ruby

DEPENDENCIES
  bson_ext (= 1.0.4)
  compass
  fastercsv
  growl
  guard
  guard-coffeescript!
  guard-compass
  guard-livereload
  guard-shell
  haml
  jasmine
  mongoid (= 2.0.0.beta.17)
  mongrel
  rack-coffee
  rb-fsevent
  sinatra
