GIT
  remote: git://github.com/sferik/rails_admin.git
  revision: cb926d38ab5015522c7ecdf16d51260dd7a9fc1d
  branch: jquery
  specs:
    rails_admin (0.0.1)
      builder (~> 2.1.0)
      rails (~> 3.0.3)

GIT
  remote: git://github.com/trabian/guard-coffeescript.git
  revision: a126fd57c74a8fd44ce49f8f0076ecb4340764b8
  ref: a126fd57c74a8fd44ce4
  specs:
    guard-coffeescript (0.1.3)
      guard (~> 0.2.2)

GEM
  remote: http://rubygems.org/
  specs:
    SystemTimer (1.2.2)
    abstract (1.0.0)
    actionmailer (3.0.3)
      actionpack (= 3.0.3)
      mail (~> 2.2.9)
    actionpack (3.0.3)
      activemodel (= 3.0.3)
      activesupport (= 3.0.3)
      builder (~> 2.1.2)
      erubis (~> 2.6.6)
      i18n (~> 0.4)
      rack (~> 1.2.1)
      rack-mount (~> 0.6.13)
      rack-test (~> 0.5.6)
      tzinfo (~> 0.3.23)
    activemodel (3.0.3)
      activesupport (= 3.0.3)
      builder (~> 2.1.2)
      i18n (~> 0.4)
    activerecord (3.0.3)
      activemodel (= 3.0.3)
      activesupport (= 3.0.3)
      arel (~> 2.0.2)
      tzinfo (~> 0.3.23)
    activeresource (3.0.3)
      activemodel (= 3.0.3)
      activesupport (= 3.0.3)
    activesupport (3.0.3)
    adapter (0.5.2)
    adapter-redis (0.5.1)
      adapter (~> 0.5.1)
      redis (~> 2.1.1)
    addressable (2.2.4)
    akephalos (0.2.5)
      capybara (~> 0.4.0)
      jruby-jars
    arel (2.0.6)
    backports (1.18.2)
    bcrypt-ruby (2.1.3)
    builder (2.1.2)
    capybara (0.4.1.2)
      celerity (>= 0.7.9)
      culerity (>= 0.2.4)
      mime-types (>= 1.16)
      nokogiri (>= 1.3.3)
      rack (>= 1.0.0)
      rack-test (>= 0.5.4)
      selenium-webdriver (>= 0.0.27)
      xpath (~> 0.1.3)
    celerity (0.8.8)
    childprocess (0.1.7)
      ffi (~> 0.6.3)
    closure-compiler (1.0.0)
    compass (0.10.6)
      haml (>= 3.0.4)
    configuration (1.2.0)
    crack (0.1.8)
    cucumber (0.10.0)
      builder (>= 2.1.2)
      diff-lcs (~> 1.1.2)
      gherkin (~> 2.3.2)
      json (~> 1.4.6)
      term-ansicolor (~> 1.0.5)
    cucumber-rails (0.3.2)
      cucumber (>= 0.8.0)
    cucumber_factory (1.7.4)
    culerity (0.2.15)
    database_cleaner (0.5.0)
    devise (1.1.5)
      bcrypt-ruby (~> 2.1.2)
      warden (~> 1.0.2)
    diff-lcs (1.1.2)
    erubis (2.6.6)
      abstract (>= 1.0.0)
    evergreen (0.4.0)
      capybara (~> 0.4.0)
      json_pure (>= 1.0.0)
      launchy (>= 0.3.5)
      sinatra (>= 1.1)
    factory_girl (1.3.3)
    factory_girl_rails (1.0.1)
      factory_girl (~> 1.3)
      railties (>= 3.0.0)
    faker (0.9.5)
      i18n (~> 0.4)
    faraday (0.5.7)
      addressable (~> 2.2.4)
      multipart-post (~> 1.1.0)
      rack (< 2, >= 1.1.0)
    faraday_middleware (0.3.2)
      faraday (~> 0.5.4)
    fastercsv (1.5.3)
    ffi (0.6.3)
      rake (>= 0.8.7)
    gherkin (2.3.3)
      json (~> 1.4.6)
    growl (1.0.3)
    guard (0.2.2)
      open_gem (~> 1.4.2)
      thor (~> 0.14.3)
    guard-compass (0.0.6)
      compass (>= 0.10.5)
      guard (>= 0.2.1)
    guard-cucumber (0.2.2)
      cucumber (~> 0.10.0)
      guard (~> 0.2.2)
    guard-jammit (0.1.0)
      guard
      jammit
    guard-rspec (0.1.9)
      guard (>= 0.2.2)
    guard-shell (0.1.1)
      guard (>= 0.2.0)
    guard-spork (0.1.4)
      guard (>= 0.2.2)
      spork (>= 0.8.4)
    haml (3.0.24)
    has_scope (0.5.0)
    hashie (1.0.0)
    i18n (0.5.0)
    inherited_resources (1.1.2)
      has_scope (~> 0.5.0)
      responders (~> 0.6.0)
    jammit (0.6.0)
      closure-compiler (>= 0.1.0)
      yui-compressor (>= 0.9.1)
    jruby-jars (1.5.6)
    json (1.4.6)
    json_pure (1.5.1)
    launchy (0.3.7)
      configuration (>= 0.0.5)
      rake (>= 0.8.1)
    mail (2.2.12)
      activesupport (>= 2.3.6)
      i18n (>= 0.4.0)
      mime-types (~> 1.16)
      treetop (~> 1.4.8)
    mime-types (1.16)
    multi_json (0.0.5)
    multi_xml (0.2.1)
    multipart-post (1.1.0)
    mysql (2.8.1)
    nokogiri (1.4.4)
    open_gem (1.4.2)
      launchy (~> 0.3.5)
    polyglot (0.3.1)
    pusher (0.7.0)
      crack (~> 0.1.0)
      json (~> 1.4.0)
      ruby-hmac (~> 0.4.0)
      signature (~> 0.1.2)
    qif (0.5)
    rack (1.2.1)
    rack-mount (0.6.13)
      rack (>= 1.0.0)
    rack-test (0.5.6)
      rack (>= 1.0)
    rails (3.0.3)
      actionmailer (= 3.0.3)
      actionpack (= 3.0.3)
      activerecord (= 3.0.3)
      activeresource (= 3.0.3)
      activesupport (= 3.0.3)
      bundler (~> 1.0)
      railties (= 3.0.3)
    railties (3.0.3)
      actionpack (= 3.0.3)
      activesupport (= 3.0.3)
      rake (>= 0.8.7)
      thor (~> 0.14.4)
    rake (0.8.7)
    rb-fsevent (0.3.9)
    redis (2.1.1)
    responders (0.6.2)
    rspec (2.2.0)
      rspec-core (~> 2.2)
      rspec-expectations (~> 2.2)
      rspec-mocks (~> 2.2)
    rspec-core (2.2.1)
    rspec-expectations (2.2.0)
      diff-lcs (~> 1.1.2)
    rspec-mocks (2.2.0)
    rspec-rails (2.2.1)
      actionpack (~> 3.0)
      activesupport (~> 3.0)
      railties (~> 3.0)
      rspec (~> 2.2.0)
    ruby-hmac (0.4.0)
    rubyzip (0.9.4)
    selenium-webdriver (0.1.3)
      childprocess (~> 0.1.5)
      ffi (~> 0.6.3)
      json_pure
      rubyzip
    signature (0.1.2)
      ruby-hmac
    simple_oauth (0.1.4)
    simple_uuid (0.1.2)
    sinatra (1.1.2)
      rack (~> 1.1)
      tilt (~> 1.2)
    spork (0.9.0.rc3)
    term-ansicolor (1.0.5)
    thor (0.14.6)
    tilt (1.2.2)
    toystore (0.6.4)
      activemodel (~> 3.0.3)
      activesupport (~> 3.0.3)
      adapter (~> 0.5.1)
      simple_uuid (~> 0.1.1)
    treetop (1.4.9)
      polyglot (>= 0.3.1)
    twitter (1.1.2)
      faraday (~> 0.5.4)
      faraday_middleware (~> 0.3.1)
      hashie (~> 1.0.0)
      multi_json (~> 0.0.5)
      multi_xml (~> 0.2.0)
      simple_oauth (~> 0.1.3)
    tzinfo (0.3.23)
    warden (1.0.3)
      rack (>= 1.0.0)
    xpath (0.1.3)
      nokogiri (~> 1.3)
    yui-compressor (0.9.3)

PLATFORMS
  ruby

DEPENDENCIES
  SystemTimer
  adapter-redis
  akephalos
  backports
  capybara
  compass
  cucumber-rails (>= 0.3.2)
  cucumber_factory
  database_cleaner
  devise
  evergreen
  factory_girl_rails
  faker
  fastercsv
  growl
  guard
  guard-coffeescript!
  guard-compass
  guard-cucumber
  guard-jammit
  guard-rspec
  guard-shell
  guard-spork
  haml
  has_scope
  inherited_resources (= 1.1.2)
  jammit
  mysql
  nokogiri
  pusher (= 0.7.0)
  qif
  rails (= 3.0.3)
  rails_admin!
  rb-fsevent
  redis
  responders
  rspec-rails (>= 2.0.0)
  spork (~> 0.9.0.rc)
  toystore
  twitter
