GIT
  remote: git://github.com/trabian/guard-coffeescript.git
  revision: accf25b5f1c50dd61716f729739d1096c75abc42
  specs:
    guard-coffeescript (0.1.3)
      guard (~> 0.2.2)

GEM
  remote: http://rubygems.org/
  specs:
    activemodel (3.0.1)
      activesupport (= 3.0.1)
      builder (~> 2.1.2)
      i18n (~> 0.4.1)
    activesupport (3.0.1)
    addressable (2.2.2)
    albino (1.0)
    backports (1.18.2)
    bson (1.0.4)
    bson_ext (1.0.4)
    builder (2.1.2)
    cgi_multipart_eof_fix (2.5.0)
    compass (0.10.6)
      haml (>= 3.0.4)
    configuration (1.1.0)
    daemons (1.1.0)
    diff-lcs (1.1.2)
    em-websocket (0.1.4)
      addressable (>= 2.1.1)
      eventmachine (>= 0.12.9)
    eventmachine (0.12.10)
    fastercsv (1.5.3)
    fastthread (1.0.7)
    gem_plugin (0.2.3)
    github-markup (0.5.0)
    gollum (1.1.0)
      albino (~> 1.0)
      github-markup (>= 0.4.0, < 1.0.0)
      grit (~> 2.3)
      mustache (>= 0.11.2, < 1.0.0)
      nokogiri (~> 1.4)
      sanitize (~> 1.1)
      sinatra (~> 1.0)
    grit (2.3.0)
      diff-lcs (~> 1.1)
      mime-types (~> 1.15)
    growl (1.0.3)
    guard (0.2.2)
      open_gem (~> 1.4.2)
      thor (~> 0.14.3)
    guard-compass (0.0.6)
      compass (>= 0.10.5)
      guard (>= 0.2.1)
    guard-livereload (0.1.2)
      em-websocket (~> 0.1.3)
      guard
      json (~> 1.4.6)
    guard-shell (0.1.1)
      guard (>= 0.2.0)
    haml (3.0.24)
    i18n (0.4.2)
    interactive_editor (0.0.5)
      spoon (>= 0.0.1)
    jasmine (1.0.1.1)
      json_pure (>= 1.4.3)
      rack (>= 1.0.0)
      rake (>= 0.8.7)
      rspec (>= 1.1.5)
      selenium-client (>= 1.2.17)
      selenium-rc (>= 2.1.0)
    json (1.4.6)
    json_pure (1.4.6)
    launchy (0.3.7)
      configuration (>= 0.0.5)
      rake (>= 0.8.1)
    mime-types (1.16)
    mongo (1.0.7)
      bson (>= 1.0.4)
    mongoid (2.0.0.beta.17)
      activemodel (~> 3.0.0)
      bson (= 1.0.4)
      mongo (= 1.0.7)
      tzinfo (~> 0.3.22)
      will_paginate (~> 3.0.pre)
    mongrel (1.1.5)
      cgi_multipart_eof_fix (>= 2.4)
      daemons (>= 1.0.3)
      fastthread (>= 1.0.1)
      gem_plugin (>= 0.2.3)
    mustache (0.11.2)
    nokogiri (1.4.4)
    open_gem (1.4.2)
      launchy (~> 0.3.5)
    rack (1.2.1)
    rack-coffee (0.3.2)
      rack
    rack-test (0.5.6)
      rack (>= 1.0)
    racksh (0.9.8)
      rack (>= 1.0)
      rack-test (>= 0.5)
    rake (0.8.7)
    rb-fsevent (0.3.9)
    rdiscount (1.6.5)
    rspec (2.1.0)
      rspec-core (~> 2.1.0)
      rspec-expectations (~> 2.1.0)
      rspec-mocks (~> 2.1.0)
    rspec-core (2.1.0)
    rspec-expectations (2.1.0)
      diff-lcs (~> 1.1.2)
    rspec-mocks (2.1.0)
    sanitize (1.2.1)
      nokogiri (~> 1.4.1)
    selenium-client (1.2.18)
    selenium-rc (2.2.4)
      selenium-client (>= 1.2.18)
    sinatra (1.1.0)
      rack (~> 1.1)
      tilt (~> 1.1)
    spoon (0.0.1)
    thor (0.14.4)
    tilt (1.1)
    tzinfo (0.3.23)
    will_paginate (3.0.pre2)

PLATFORMS
  ruby

DEPENDENCIES
  activemodel (= 3.0.1)
  activesupport (= 3.0.1)
  backports
  bson_ext (= 1.0.4)
  compass
  fastercsv
  gollum
  growl
  guard
  guard-coffeescript!
  guard-compass
  guard-livereload
  guard-shell
  haml
  interactive_editor
  jasmine
  mongoid (= 2.0.0.beta.17)
  mongrel
  rack-coffee
  racksh
  rb-fsevent
  rdiscount
  sinatra
